GEM
  remote: https://rubygems.org/
  specs:
    ast (2.4.0)
    backport (1.1.2)
    byebug (11.0.1)
    coderay (1.1.2)
    debase (0.2.4)
      debase-ruby_core_source (>= 0.10.2)
    debase-ruby_core_source (0.10.5)
    diff-lcs (1.3)
    htmlentities (4.3.4)
    jaro_winkler (1.5.3)
    method_source (0.9.2)
    mini_portile2 (2.8.1)
    nokogiri (1.14.3)
      mini_portile2 (~> 2.8.0)
      racc (~> 1.4)
    parallel (1.17.0)
    parser (2.6.4.0)
      ast (~> 2.4.0)
    pry (0.12.2)
      coderay (~> 1.1.0)
      method_source (~> 0.9.0)
    racc (1.6.2)
    rainbow (3.0.0)
    rake (12.3.3)
    reverse_markdown (1.3.0)
      nokogiri
    rspec (3.2.0)
      rspec-core (~> 3.2.0)
      rspec-expectations (~> 3.2.0)
      rspec-mocks (~> 3.2.0)
    rspec-core (3.2.3)
      rspec-support (~> 3.2.0)
    rspec-expectations (3.2.1)
      diff-lcs (>= 1.2.0, < 2.0)
      rspec-support (~> 3.2.0)
    rspec-mocks (3.2.1)
      diff-lcs (>= 1.2.0, < 2.0)
      rspec-support (~> 3.2.0)
    rspec-support (3.2.2)
    rubocop (0.74.0)
      jaro_winkler (~> 1.5.1)
      parallel (~> 1.10)
      parser (>= 2.6)
      rainbow (>= 2.2.2, < 4.0)
      ruby-progressbar (~> 1.7)
      unicode-display_width (>= 1.4.0, < 1.7)
    ruby-debug-ide (0.7.0)
      rake (>= 0.8.1)
    ruby-progressbar (1.10.1)
    solargraph (0.37.2)
      backport (~> 1.1)
      bundler (>= 1.17.2)
      htmlentities (~> 4.3, >= 4.3.4)
      jaro_winkler (~> 1.5)
      nokogiri (~> 1.9, >= 1.9.1)
      parser (~> 2.3)
      reverse_markdown (~> 1.0, >= 1.0.5)
      rubocop (~> 0.52)
      thor (~> 0.19, >= 0.19.4)
      tilt (~> 2.0)
      yard (~> 0.9)
    thor (0.20.3)
    tilt (2.0.9)
    unicode-display_width (1.6.0)
    yard (0.9.20)

PLATFORMS
  ruby

DEPENDENCIES
  byebug
  debase
  pry
  rspec (~> 3.2.0)
  rubocop
  ruby-debug-ide
  solargraph

BUNDLED WITH
   2.0.2
